GEM
  remote: http://rubygems.org/
  specs:
    crack (0.1.8)
    highline (1.6.1)
    oauth (0.4.4)
    tumblr-rb (1.3.0)
      highline (>= 1.5.2)
      weary (>= 0.7.1)
    weary (0.7.2)
      crack (>= 0.1.7)
      oauth (>= 0.3.5)

PLATFORMS
  ruby

DEPENDENCIES
  tumblr-rb
